GEM
  remote: https://rubygems.org/
  specs:
    camping (2.1.532)
      mab (>= 0.0.3)
      rack (>= 1.0)
    daemons (1.4.1)
    eventmachine (1.2.7)
    mab (0.0.3)
    newrelic_rpm (9.0.0)
    rack (2.2.6.2)
    rpm_contrib (2.2.0)
      newrelic_rpm (>= 3.1.1)
    thin (1.8.1)
      daemons (~> 1.0, >= 1.0.9)
      eventmachine (~> 1.0, >= 1.0.4)
      rack (>= 1, < 3)

PLATFORMS
  ruby

DEPENDENCIES
  camping
  newrelic_rpm
  rack
  rpm_contrib
  thin

RUBY VERSION
   ruby 2.7.7p221

BUNDLED WITH
   2.1.4
