GEM
  remote: https://rubygems.org/
  specs:
    camping (2.1.532)
      mab (>= 0.0.3)
      rack (>= 1.0)
    daemons (1.2.3)
    eventmachine (1.0.8)
    mab (0.0.3)
    newrelic_rpm (3.13.0.299)
    rack (1.6.4)
    rpm_contrib (2.2.0)
      newrelic_rpm (>= 3.1.1)
    thin (1.6.3)
      daemons (~> 1.0, >= 1.0.9)
      eventmachine (~> 1.0)
      rack (~> 1.0)

PLATFORMS
  ruby

DEPENDENCIES
  camping
  newrelic_rpm
  rack
  rpm_contrib
  thin

BUNDLED WITH
   1.10.6
